GEM
  remote: https://rubygems.org/
  specs:
    RedCloth (4.2.7)
    chunky_png (1.2.0)
    classifier (1.3.3)
      fast-stemmer (>= 1.0.0)
    compass (0.11.3)
      chunky_png (~> 1.2)
      fssm (>= 0.2.7)
      sass (~> 3.1)
    directory_watcher (1.4.0)
    eleven40 (1.2)
      compass (>= 0.10.0.rc3)
    fast-stemmer (1.0.0)
    fssm (0.2.7)
    jekyll (0.10.0)
      classifier (>= 1.3.1)
      directory_watcher (>= 1.1.1)
      liquid (>= 1.9.0)
      maruku (>= 0.5.9)
    liquid (2.2.2)
    maruku (0.6.0)
      syntax (>= 1.0.0)
    rake (0.9.2)
    sass (3.1.2)
    syntax (1.0.0)

PLATFORMS
  ruby

DEPENDENCIES
  RedCloth
  compass
  eleven40
  jekyll (>= 0.10.0)
  rake
